PATH
  remote: .
  specs:
    cbf (0.0.1)

GEM
  remote: http://rubygems.org/
  specs:
    nokogiri (1.5.5)

PLATFORMS
  ruby

DEPENDENCIES
  cbf!
  nokogiri (~> 1.5.5)
